PATH
  remote: .
  specs:
    jwt-multisig (1.0.6)
      activesupport (>= 4.0)
      jwt (~> 2.2)

GEM
  remote: https://rubygems.org/
  specs:
    activesupport (7.0.4.2)
      concurrent-ruby (~> 1.0, >= 1.0.2)
      i18n (>= 1.6, < 2)
      minitest (>= 5.1)
      tzinfo (~> 2.0)
    concurrent-ruby (1.2.2)
    i18n (1.12.0)
      concurrent-ruby (~> 1.0)
    jwt (2.7.0)
    memoist (0.16.2)
    minitest (5.17.0)
    power_assert (2.0.3)
    rake (12.3.3)
    test-unit (3.5.7)
      power_assert
    tzinfo (2.0.6)
      concurrent-ruby (~> 1.0)

PLATFORMS
  ruby

DEPENDENCIES
  bundler (~> 2.4.7)
  jwt-multisig!
  memoist (~> 0.16)
  rake (~> 12.3)
  test-unit (~> 3.1)

BUNDLED WITH
   2.4.7
