PATH
  remote: .
  specs:
    jwt-multisig (1.0.2)
      activesupport (>= 4.0)
      jwt (~> 2.2)

GEM
  remote: https://rubygems.org/
  specs:
    activesupport (6.0.3.1)
      concurrent-ruby (~> 1.0, >= 1.0.2)
      i18n (>= 0.7, < 2)
      minitest (~> 5.1)
      tzinfo (~> 1.1)
      zeitwerk (~> 2.2, >= 2.2.2)
    concurrent-ruby (1.1.6)
    i18n (1.8.2)
      concurrent-ruby (~> 1.0)
    jwt (2.2.1)
    memoist (0.16.1)
    minitest (5.14.1)
    power_assert (1.1.5)
    rake (12.3.3)
    test-unit (3.3.4)
      power_assert
    thread_safe (0.3.6)
    tzinfo (1.2.7)
      thread_safe (~> 0.1)
    zeitwerk (2.3.0)

PLATFORMS
  ruby

DEPENDENCIES
  bundler (~> 1.17)
  jwt-multisig!
  memoist (~> 0.16)
  rake (~> 12.3)
  test-unit (~> 3.1)

BUNDLED WITH
   1.17.3
